PATH
  remote: .
  specs:
    dnz_harvester (0.0.1)
      activesupport
      feedzirra (~> 0.1.3)
      oai (~> 0.2.1)
      rest-client (~> 1.6.7)

GEM
  remote: https://rubygems.org/
  specs:
    activesupport (3.1.8)
      multi_json (>= 1.0, < 1.3)
    builder (3.1.4)
    coderay (1.0.8)
    curb (0.7.18)
    diff-lcs (1.1.3)
    faraday (0.8.4)
      multipart-post (~> 1.1)
    faraday_middleware (0.9.0)
      faraday (>= 0.7.4, < 0.9)
    feedzirra (0.1.3)
      activesupport (~> 3.1.1)
      builder (>= 2.1.2)
      curb (~> 0.7.15)
      i18n (>= 0.5.0)
      loofah (~> 1.2.0)
      nokogiri (>= 1.4.4)
      rake (>= 0.8.7)
      rdoc (~> 3.8)
      sax-machine (~> 0.1.0)
    guard (1.5.4)
      listen (>= 0.4.2)
      lumberjack (>= 1.0.2)
      pry (>= 0.9.10)
      thor (>= 0.14.6)
    guard-rspec (2.3.0)
      guard (>= 1.1)
      rspec (~> 2.11)
    i18n (0.6.1)
    json (1.7.5)
    listen (0.6.0)
    loofah (1.2.1)
      nokogiri (>= 1.4.4)
    lumberjack (1.0.2)
    method_source (0.8.1)
    mime-types (1.19)
    multi_json (1.2.0)
    multipart-post (1.1.5)
    nokogiri (1.5.5)
    oai (0.2.1)
      builder (>= 2.0.0)
      faraday
      faraday_middleware
    pry (0.9.10)
      coderay (~> 1.0.5)
      method_source (~> 0.8)
      slop (~> 3.3.1)
    rake (10.0.2)
    rdoc (3.12)
      json (~> 1.4)
    rest-client (1.6.7)
      mime-types (>= 1.16)
    rspec (2.11.0)
      rspec-core (~> 2.11.0)
      rspec-expectations (~> 2.11.0)
      rspec-mocks (~> 2.11.0)
    rspec-core (2.11.1)
    rspec-expectations (2.11.3)
      diff-lcs (~> 1.1.3)
    rspec-mocks (2.11.3)
    sax-machine (0.1.0)
      nokogiri (> 0.0.0)
    slop (3.3.3)
    thor (0.16.0)

PLATFORMS
  ruby

DEPENDENCIES
  dnz_harvester!
  guard
  guard-rspec
  rspec (~> 2.11.0)
