PATH
  remote: .
  specs:
    supplejack_common (0.0.2)
      actionpack (<= 4.1.4)
      activesupport (<= 4.1.4)
      chronic (<= 0.10.2)
      dimensions
      htmlentities
      json (~> 1.7.7)
      jsonpath (~> 0.5.0)
      mimemagic
      mongoid (<= 4.0.0)
      nokogiri
      redis (~> 3)
      rest-client (~> 1.6.7)
      sanitize
      tzinfo

GEM
  remote: https://rubygems.org/
  specs:
    actionpack (4.1.4)
      actionview (= 4.1.4)
      activesupport (= 4.1.4)
      rack (~> 1.5.2)
      rack-test (~> 0.6.2)
    actionview (4.1.4)
      activesupport (= 4.1.4)
      builder (~> 3.1)
      erubis (~> 2.7.0)
    activemodel (4.1.4)
      activesupport (= 4.1.4)
      builder (~> 3.1)
    activesupport (4.1.4)
      i18n (~> 0.6, >= 0.6.9)
      json (~> 1.7, >= 1.7.7)
      minitest (~> 5.1)
      thread_safe (~> 0.1)
      tzinfo (~> 1.1)
    addressable (2.3.2)
    bson (3.2.1)
    builder (3.2.2)
    chronic (0.10.2)
    coderay (1.0.9)
    connection_pool (2.2.0)
    crack (0.3.1)
    crass (1.0.2)
    diff-lcs (1.1.3)
    dimensions (1.3.0)
    erubis (2.7.0)
    faraday (0.9.0)
      multipart-post (>= 1.2, < 3)
    faraday_middleware (0.9.1)
      faraday (>= 0.7.4, < 0.10)
    htmlentities (4.3.3)
    i18n (0.7.0)
    json (1.7.7)
    jsonpath (0.5.7)
      multi_json
    method_source (0.8.1)
    mime-types (1.25.1)
    mimemagic (0.3.0)
    mini_portile (0.6.2)
    minitest (5.7.0)
    mongoid (4.0.0)
      activemodel (~> 4.0)
      moped (~> 2.0.0)
      origin (~> 2.1)
      tzinfo (>= 0.3.37)
    moped (2.0.6)
      bson (~> 3.0)
      connection_pool (~> 2.0)
      optionable (~> 0.2.0)
    multi_json (1.11.2)
    multipart-post (2.0.0)
    nokogiri (1.6.6.2)
      mini_portile (~> 0.6.0)
    nokogumbo (1.4.1)
      nokogiri
    oai (0.3.1)
      builder (>= 2.0.0)
      faraday
      faraday_middleware
    optionable (0.2.0)
    origin (2.1.1)
    pry (0.9.12)
      coderay (~> 1.0.5)
      method_source (~> 0.8)
      slop (~> 3.4)
    rack (1.5.5)
    rack-test (0.6.3)
      rack (>= 1.0)
    rake (10.0.2)
    redis (3.2.1)
    rest-client (1.6.9)
      mime-types (~> 1.16)
    rspec (2.11.0)
      rspec-core (~> 2.11.0)
      rspec-expectations (~> 2.11.0)
      rspec-mocks (~> 2.11.0)
    rspec-core (2.11.1)
    rspec-expectations (2.11.3)
      diff-lcs (~> 1.1.3)
    rspec-mocks (2.11.3)
    sanitize (4.0.0)
      crass (~> 1.0.2)
      nokogiri (>= 1.4.4)
      nokogumbo (= 1.4.1)
    slop (3.4.4)
    thread_safe (0.3.5)
    tzinfo (1.2.2)
      thread_safe (~> 0.1)
    webmock (1.8.11)
      addressable (>= 2.2.7)
      crack (>= 0.1.7)

PLATFORMS
  ruby

DEPENDENCIES
  oai (~> 0.3.1)
  pry
  rake
  rspec (~> 2.11.0)
  supplejack_common!
  webmock (~> 1.8)
