GIT
  remote: https://github.com/code4lib/ruby-oai.git
  revision: 05e22cadf0064b04ccd9d7e38e8467eff75ba251
  specs:
    oai (0.3.0)
      builder (>= 2.0.0)
      faraday
      faraday_middleware

PATH
  remote: .
  specs:
    harvester_core (0.0.1)
      actionpack (~> 3.2)
      activesupport (~> 3.2)
      chronic (~> 0.8.0)
      dimensions
      json (~> 1.7.7)
      jsonpath (~> 0.5.0)
      mimemagic
      mongoid (~> 3.1.3)
      nokogiri
      redis (~> 3)
      rest-client (~> 1.6.7)
      tzinfo

GEM
  remote: https://rubygems.org/
  specs:
    actionpack (3.2.13)
      activemodel (= 3.2.13)
      activesupport (= 3.2.13)
      builder (~> 3.0.0)
      erubis (~> 2.7.0)
      journey (~> 1.0.4)
      rack (~> 1.4.5)
      rack-cache (~> 1.2)
      rack-test (~> 0.6.1)
      sprockets (~> 2.2.1)
    activemodel (3.2.13)
      activesupport (= 3.2.13)
      builder (~> 3.0.0)
    activesupport (3.2.13)
      i18n (= 0.6.1)
      multi_json (~> 1.0)
    addressable (2.3.2)
    builder (3.0.4)
    chronic (0.8.0)
    crack (0.3.1)
    diff-lcs (1.1.3)
    dimensions (1.2.0)
    erubis (2.7.0)
    faraday (0.8.4)
      multipart-post (~> 1.1)
    faraday_middleware (0.9.0)
      faraday (>= 0.7.4, < 0.9)
    hike (1.2.2)
    i18n (0.6.1)
    journey (1.0.4)
    json (1.7.7)
    jsonpath (0.5.2)
      multi_json
    mime-types (1.23)
    mimemagic (0.2.0)
    mongoid (3.1.4)
      activemodel (~> 3.2)
      moped (~> 1.4)
      origin (~> 1.0)
      tzinfo (~> 0.3.22)
    moped (1.5.0)
    multi_json (1.7.3)
    multipart-post (1.1.5)
    nokogiri (1.5.9)
    origin (1.1.0)
    rack (1.4.5)
    rack-cache (1.2)
      rack (>= 0.4)
    rack-test (0.6.2)
      rack (>= 1.0)
    rake (10.0.2)
    redis (3.0.4)
    rest-client (1.6.7)
      mime-types (>= 1.16)
    rspec (2.11.0)
      rspec-core (~> 2.11.0)
      rspec-expectations (~> 2.11.0)
      rspec-mocks (~> 2.11.0)
    rspec-core (2.11.1)
    rspec-expectations (2.11.3)
      diff-lcs (~> 1.1.3)
    rspec-mocks (2.11.3)
    sprockets (2.2.2)
      hike (~> 1.2)
      multi_json (~> 1.0)
      rack (~> 1.0)
      tilt (~> 1.1, != 1.3.0)
    tilt (1.4.1)
    tzinfo (0.3.37)
    webmock (1.8.11)
      addressable (>= 2.2.7)
      crack (>= 0.1.7)

PLATFORMS
  ruby

DEPENDENCIES
  harvester_core!
  oai!
  rake
  rspec (~> 2.11.0)
  webmock (~> 1.8)
