GIT
  remote: https://github.com/code4lib/ruby-oai.git
  revision: ec5483cdaefaf0e26ae2c9449bfeb07ab9dd03de
  specs:
    oai (0.2.1)
      builder (>= 2.0.0)
      faraday
      faraday_middleware

PATH
  remote: .
  specs:
    dnz_harvester (0.0.1)
      activesupport
      feedzirra (~> 0.1.3)
      rest-client (~> 1.6.7)

GEM
  remote: https://rubygems.org/
  specs:
    activesupport (3.1.8)
      multi_json (>= 1.0, < 1.3)
    addressable (2.3.2)
    builder (3.1.4)
    crack (0.3.1)
    curb (0.7.18)
    diff-lcs (1.1.3)
    faraday (0.8.4)
      multipart-post (~> 1.1)
    faraday_middleware (0.9.0)
      faraday (>= 0.7.4, < 0.9)
    feedzirra (0.1.3)
      activesupport (~> 3.1.1)
      builder (>= 2.1.2)
      curb (~> 0.7.15)
      i18n (>= 0.5.0)
      loofah (~> 1.2.0)
      nokogiri (>= 1.4.4)
      rake (>= 0.8.7)
      rdoc (~> 3.8)
      sax-machine (~> 0.1.0)
    i18n (0.6.1)
    json (1.7.5)
    loofah (1.2.1)
      nokogiri (>= 1.4.4)
    mime-types (1.19)
    multi_json (1.2.0)
    multipart-post (1.1.5)
    nokogiri (1.5.5)
    rake (10.0.2)
    rdoc (3.12)
      json (~> 1.4)
    rest-client (1.6.7)
      mime-types (>= 1.16)
    rspec (2.11.0)
      rspec-core (~> 2.11.0)
      rspec-expectations (~> 2.11.0)
      rspec-mocks (~> 2.11.0)
    rspec-core (2.11.1)
    rspec-expectations (2.11.3)
      diff-lcs (~> 1.1.3)
    rspec-mocks (2.11.3)
    sax-machine (0.1.0)
      nokogiri (> 0.0.0)
    webmock (1.8.11)
      addressable (>= 2.2.7)
      crack (>= 0.1.7)

PLATFORMS
  ruby

DEPENDENCIES
  dnz_harvester!
  oai!
  rake
  rspec (~> 2.11.0)
  webmock (~> 1.8)
